GIT
  remote: https://github.com/faker-ruby/faker.git
  revision: 909b71fa5e8dd8d3618879a148e5a67e740ecaa0
  branch: master
  specs:
    faker (2.19.0)
      i18n (>= 1.8.11, < 2)

GEM
  remote: https://rubygems.org/
  specs:
    actionpack (6.1.4.1)
      actionview (= 6.1.4.1)
      activesupport (= 6.1.4.1)
      rack (~> 2.0, >= 2.0.9)
      rack-test (>= 0.6.3)
      rails-dom-testing (~> 2.0)
      rails-html-sanitizer (~> 1.0, >= 1.2.0)
    actionview (6.1.4.1)
      activesupport (= 6.1.4.1)
      builder (~> 3.1)
      erubi (~> 1.4)
      rails-dom-testing (~> 2.0)
      rails-html-sanitizer (~> 1.1, >= 1.2.0)
    activemodel (6.1.4.1)
      activesupport (= 6.1.4.1)
    activerecord (6.1.4.1)
      activemodel (= 6.1.4.1)
      activesupport (= 6.1.4.1)
    activesupport (6.1.4.1)
      concurrent-ruby (~> 1.0, >= 1.0.2)
      i18n (>= 1.6, < 2)
      minitest (>= 5.1)
      tzinfo (~> 2.0)
      zeitwerk (~> 2.3)
    builder (3.2.4)
    byebug (11.1.3)
    chronic (0.10.2)
    concurrent-ruby (1.1.9)
    crass (1.0.6)
    erubi (1.10.0)
    httparty (0.20.0)
      mime-types (~> 3.0)
      multi_xml (>= 0.5.2)
    i18n (1.8.11)
      concurrent-ruby (~> 1.0)
    loofah (2.12.0)
      crass (~> 1.0.2)
      nokogiri (>= 1.5.9)
    method_source (1.0.0)
    mime-types (3.4.1)
      mime-types-data (~> 3.2015)
    mime-types-data (3.2021.1115)
    minitest (5.14.4)
    multi_xml (0.6.0)
    nokogiri (1.12.5-x86_64-darwin)
      racc (~> 1.4)
    pg (1.2.3)
    racc (1.6.0)
    rack (2.2.3)
    rack-test (1.1.0)
      rack (>= 1.0, < 3)
    rails-dom-testing (2.0.3)
      activesupport (>= 4.2.0)
      nokogiri (>= 1.6)
    rails-html-sanitizer (1.4.2)
      loofah (~> 2.3)
    railties (6.1.4.1)
      actionpack (= 6.1.4.1)
      activesupport (= 6.1.4.1)
      method_source
      rake (>= 0.13)
      thor (~> 1.0)
    rake (13.0.6)
    standalone_migrations (6.1.0)
      activerecord (>= 4.2.7, < 6.2.0, != 5.2.3.rc1, != 5.2.3)
      railties (>= 4.2.7, < 6.2.0, != 5.2.3.rc1, != 5.2.3)
      rake (>= 10.0)
    thor (1.1.0)
    tzinfo (2.0.4)
      concurrent-ruby (~> 1.0)
    whenever (1.0.0)
      chronic (>= 0.6.3)
    zeitwerk (2.5.1)

PLATFORMS
  x86_64-darwin-20

DEPENDENCIES
  activerecord
  byebug
  faker!
  httparty
  pg
  rack
  standalone_migrations
  whenever

BUNDLED WITH
   2.2.31
